GEM
  remote: http://rubygems.org/
  specs:
    bson (1.2.0)
    bson_ext (1.2.0)
    diff-lcs (1.1.2)
    mongo (1.2.0)
      bson (>= 1.2.0)
    rspec (2.4.0)
      rspec-core (~> 2.4.0)
      rspec-expectations (~> 2.4.0)
      rspec-mocks (~> 2.4.0)
    rspec-core (2.4.0)
    rspec-expectations (2.4.0)
      diff-lcs (~> 1.1.2)
    rspec-mocks (2.4.0)

PLATFORMS
  ruby

DEPENDENCIES
  bson_ext
  mongo
  rspec
